GEM
  remote: https://rubygems.org/
  remote: http://192.168.11.11:8003/
  specs:
    ctp-common (7.7.1)
      pg (~> 0, >= 0.18.3)
      rest-client (~> 1, >= 1.8.0)
    domain_name (0.5.20160128)
      unf (>= 0.0.5, < 1.0.0)
    formkeeper (0.0.15)
      hpricot
      rack
    hpricot (0.8.6)
    http-cookie (1.0.2)
      domain_name (~> 0.5)
    json (1.8.3)
    mime-types (2.99)
    net-ldap (0.14.0)
    netrc (0.11.0)
    ons-ldap (8.10.0)
      net-ldap (~> 0, >= 0.11)
    pg (0.18.4)
    rack (1.6.4)
    rack-protection (1.5.3)
      rack
    rest-client (1.8.0)
      http-cookie (>= 1.0.2, < 2.0)
      mime-types (>= 1.16, < 3.0)
      netrc (~> 0.7)
    rotp (2.1.1)
    sass (3.4.21)
    sinatra (1.4.7)
      rack (~> 1.5)
      rack-protection (~> 1.4)
      tilt (>= 1.3, < 3)
    sinatra-content-for2 (0.3)
      sinatra
    sinatra-flash (0.3.0)
      sinatra (>= 1.0.0)
    sinatra-formkeeper (0.0.7)
      formkeeper (~> 0.0.12)
      hpricot
      rack
      sinatra
    tilt (2.0.2)
    unf (0.1.4)
      unf_ext
    unf_ext (0.0.7.2)
    will_paginate (3.1.0)

PLATFORMS
  ruby

DEPENDENCIES
  ctp-common!
  json
  ons-ldap (~> 8)!
  rest-client
  rotp
  sass
  sinatra
  sinatra-content-for2
  sinatra-flash
  sinatra-formkeeper
  will_paginate

BUNDLED WITH
   1.11.2
