GEM
  remote: https://rubygems.org/
  specs:
    domain_name (0.5.20161129)
      unf (>= 0.0.5, < 1.0.0)
    formkeeper (0.0.15)
      hpricot
      rack
    hpricot (0.8.6)
    http-cookie (1.0.3)
      domain_name (~> 0.5)
    json (2.0.3)
    mime-types (3.1)
      mime-types-data (~> 3.2015)
    mime-types-data (3.2016.0521)
    net-ldap (0.15.0)
    netrc (0.11.0)
    ons-ldap (1.1.2)
      net-ldap (~> 0, >= 0.11)
    rack (1.6.5)
    rack-protection (1.5.3)
      rack
    rest-client (2.0.0)
      http-cookie (>= 1.0.2, < 2.0)
      mime-types (>= 1.16, < 4.0)
      netrc (~> 0.8)
    rotp (3.3.0)
    sass (3.4.23)
    sinatra (1.4.8)
      rack (~> 1.5)
      rack-protection (~> 1.4)
      tilt (>= 1.3, < 3)
    sinatra-content-for2 (0.3)
      sinatra
    sinatra-flash (0.3.0)
      sinatra (>= 1.0.0)
    sinatra-formkeeper (0.0.7)
      formkeeper (~> 0.0.12)
      hpricot
      rack
      sinatra
    tilt (2.0.6)
    unf (0.1.4)
      unf_ext
    unf_ext (0.0.7.2)
    will_paginate (3.1.5)

PLATFORMS
  ruby

DEPENDENCIES
  json
  ons-ldap
  rest-client
  rotp
  sass
  sinatra
  sinatra-content-for2
  sinatra-flash
  sinatra-formkeeper
  will_paginate

BUNDLED WITH
   1.14.3
